GEM
  remote: http://rubygems.org/
  specs:
    diff-lcs (1.1.2)
    eventmachine (0.12.10)
    git (1.2.5)
    horobi (0.0.1)
    jeweler (1.5.2)
      bundler (~> 1.0.0)
      git (>= 1.2.5)
      rake
    notify (0.3.0)
    rake (0.9.0)
    rcov (0.9.9)
    rspec (2.3.0)
      rspec-core (~> 2.3.0)
      rspec-expectations (~> 2.3.0)
      rspec-mocks (~> 2.3.0)
    rspec-core (2.3.1)
    rspec-expectations (2.3.0)
      diff-lcs (~> 1.1.2)
    rspec-mocks (2.3.0)
    simple_oauth (0.1.5)
    twitter-stream (0.1.13)
      eventmachine (~> 0.12.8)
      simple_oauth (~> 0.1.4)
    zmq (2.1.0.1)

PLATFORMS
  ruby

DEPENDENCIES
  bundler (~> 1.0.0)
  horobi
  jeweler (~> 1.5.2)
  notify
  rcov
  rspec (~> 2.3.0)
  twitter-stream
  zmq
